PATH
  remote: .
  specs:
    chikyu (0.1.0)
      aws-sdk (~> 2)
      faraday (~> 0.13.1)
      faraday_middleware (~> 0.12.2)
      faraday_middleware-aws-signers-v4 (~> 0.1.9)

GEM
  remote: https://rubygems.org/
  specs:
    aws-sdk (2.10.130)
      aws-sdk-resources (= 2.10.130)
    aws-sdk-core (2.10.130)
      aws-sigv4 (~> 1.0)
      jmespath (~> 1.0)
    aws-sdk-resources (2.10.130)
      aws-sdk-core (= 2.10.130)
    aws-sigv4 (1.0.2)
    diff-lcs (1.3)
    faraday (0.13.1)
      multipart-post (>= 1.2, < 3)
    faraday_middleware (0.12.2)
      faraday (>= 0.7.4, < 1.0)
    faraday_middleware-aws-signers-v4 (0.1.9)
      aws-sdk-resources (>= 2, < 3)
      faraday (~> 0.9)
    jmespath (1.3.1)
    multipart-post (2.0.0)
    rake (10.5.0)
    rspec (3.7.0)
      rspec-core (~> 3.7.0)
      rspec-expectations (~> 3.7.0)
      rspec-mocks (~> 3.7.0)
    rspec-core (3.7.1)
      rspec-support (~> 3.7.0)
    rspec-expectations (3.7.0)
      diff-lcs (>= 1.2.0, < 2.0)
      rspec-support (~> 3.7.0)
    rspec-mocks (3.7.0)
      diff-lcs (>= 1.2.0, < 2.0)
      rspec-support (~> 3.7.0)
    rspec-support (3.7.1)

PLATFORMS
  ruby

DEPENDENCIES
  bundler (~> 1.16)
  chikyu!
  rake (~> 10.0)
  rspec (~> 3.0)

BUNDLED WITH
   1.16.1
